GEM
  remote: https://rubygems.org/
  specs:
    builder (3.2.4)
    motion-ios-simplesplash (0.2.1)
      builder (>= 3.2.2)
    rake (13.0.1)

PLATFORMS
  ruby

DEPENDENCIES
  motion-ios-simplesplash
  rake

BUNDLED WITH
   2.1.4
